GEM
  remote: https://rubygems.org/
  specs:
    activesupport (4.2.9)
      i18n (~> 0.7)
      minitest (~> 5.1)
      thread_safe (~> 0.3, >= 0.3.4)
      tzinfo (~> 1.1)
    dotenv (2.2.1)
    europeana-api (0.5.2)
      activesupport (>= 3.0, < 5)
      multi_json (~> 1.0)
    i18n (0.8.4)
    minitest (5.10.2)
    multi_json (1.12.1)
    thread_safe (0.3.6)
    tzinfo (1.2.3)
      thread_safe (~> 0.1)

PLATFORMS
  ruby

DEPENDENCIES
  dotenv
  europeana-api

BUNDLED WITH
   1.14.6
